GEM
  remote: https://rubygems.org/
  specs:
    coderay (1.1.2)
    method_source (0.9.0)
    mini_portile2 (2.3.0)
    nokogiri (1.8.2)
      mini_portile2 (~> 2.3.0)
    pry (0.11.3)
      coderay (~> 1.1.0)
      method_source (~> 0.9.0)
    pry-rails (0.3.6)
      pry (>= 0.10.4)
    rb-readline (0.5.5)

PLATFORMS
  ruby

DEPENDENCIES
  nokogiri
  pry-rails
  rb-readline

BUNDLED WITH
   1.10.6
